GEM
  remote: https://rubygems.org/
  specs:
    eventmachine (1.0.3)
    faye-websocket (0.8.0)
      eventmachine (>= 0.12.0)
      websocket-driver (>= 0.4.0)
    ruby-osc (0.31.0)
      eventmachine (>= 0.12.8)
    websocket-driver (0.4.0)

PLATFORMS
  ruby

DEPENDENCIES
  faye-websocket
  ruby-osc
